PATH
  remote: .
  specs:
    remarkovable (0.3)

GEM
  remote: https://rubygems.org/
  specs:
    minitest (5.9.0)
    rake (11.2.2)

PLATFORMS
  ruby

DEPENDENCIES
  minitest
  rake
  remarkovable!

BUNDLED WITH
   1.10.6
